GEM
  remote: https://rubygems.org/
  specs:
    ast (2.4.2)
    diff-lcs (1.5.0)
    minitest (5.16.3)
    mocha (2.0.2)
      ruby2_keywords (>= 0.0.5)
    netrc (0.11.0)
    parallel (1.22.1)
    parser (3.1.3.0)
      ast (~> 2.4.1)
    rbi (0.0.16)
      ast
      parser (>= 2.6.4.0)
      sorbet-runtime (>= 0.5.9204)
      unparser
    ruby2_keywords (0.0.5)
    sorbet (0.5.10565)
      sorbet-static (= 0.5.10565)
    sorbet-runtime (0.5.10565)
    sorbet-static (0.5.10565-x86_64-linux)
    sorbet-static-and-runtime (0.5.10565)
      sorbet (= 0.5.10565)
      sorbet-runtime (= 0.5.10565)
    spoom (1.1.13)
      sorbet (>= 0.5.9204)
      sorbet-runtime (>= 0.5.9204)
      thor (>= 0.19.2)
    tapioca (0.10.3)
      bundler (>= 1.17.3)
      netrc (>= 0.11.0)
      parallel (>= 1.21.0)
      rbi (~> 0.0.0, >= 0.0.16)
      sorbet-static-and-runtime (>= 0.5.9892)
      spoom (~> 1.1.0, >= 1.1.11)
      thor (>= 1.2.0)
      yard-sorbet
    thor (1.2.1)
    unparser (0.6.5)
      diff-lcs (~> 1.3)
      parser (>= 3.1.0)
    webrick (1.7.0)
    yard (0.9.28)
      webrick (~> 1.7.0)
    yard-sorbet (0.7.0)
      sorbet-runtime (>= 0.5)
      yard (>= 0.9)

PLATFORMS
  x86_64-linux

DEPENDENCIES
  minitest
  mocha
  sorbet
  sorbet-runtime
  tapioca

RUBY VERSION
   ruby 3.1.2p20

BUNDLED WITH
   2.3.26
